GEM
  remote: https://rubygems.org/
  specs:
    builder (3.2.2)
    coderay (1.1.0)
    diff-lcs (1.2.5)
    httparty (0.13.1)
      json (~> 1.8)
      multi_xml (>= 0.5.2)
    json (1.8.3)
    json-stream (0.2.1)
    method_source (0.8.2)
    mini_portile2 (2.0.0)
    multi_json (1.11.2)
    multi_xml (0.5.5)
    nokogiri (1.6.7.2)
      mini_portile2 (~> 2.0.0.rc2)
    pry (0.10.0)
      coderay (~> 1.1.0)
      method_source (~> 0.8.1)
      slop (~> 3.4)
    rake (10.3.2)
    rspec (3.0.0)
      rspec-core (~> 3.0.0)
      rspec-expectations (~> 3.0.0)
      rspec-mocks (~> 3.0.0)
    rspec-core (3.0.3)
      rspec-support (~> 3.0.0)
    rspec-expectations (3.0.3)
      diff-lcs (>= 1.2.0, < 2.0)
      rspec-support (~> 3.0.0)
    rspec-its (1.0.1)
      rspec-core (>= 2.99.0.beta1)
      rspec-expectations (>= 2.99.0.beta1)
    rspec-mocks (3.0.3)
      rspec-support (~> 3.0.0)
    rspec-support (3.0.3)
    simplecov (0.7.1)
      multi_json (~> 1.0)
      simplecov-html (~> 0.7.1)
    simplecov-bamboo (0.1.0)
      nokogiri
      simplecov
      simplecov-html
    simplecov-html (0.7.1)
    slop (3.6.0)
    yarjuf (2.0.0)
      builder
      rspec (~> 3)

PLATFORMS
  ruby

DEPENDENCIES
  httparty
  json-stream
  pry
  rake
  rspec
  rspec-core
  rspec-its
  simplecov (~> 0.7.1)
  simplecov-bamboo
  yarjuf

BUNDLED WITH
   1.12.4
